GEM
  remote: https://rubygems.org/
  specs:
    aws-sdk (2.1.23)
      aws-sdk-resources (= 2.1.23)
    aws-sdk-core (2.1.23)
      jmespath (~> 1.0)
    aws-sdk-resources (2.1.23)
      aws-sdk-core (= 2.1.23)
    coderay (1.1.0)
    hashie (2.1.2)
    httmultiparty (0.3.16)
      httparty (>= 0.7.3)
      mimemagic
      multipart-post
    httparty (0.13.7)
      json (~> 1.8)
      multi_xml (>= 0.5.2)
    jmespath (1.1.3)
    json (1.8.3)
    method_source (0.8.2)
    mimemagic (0.3.0)
    mp3info (0.8.5)
      ruby-mp3info (>= 0.8.5)
    multi_xml (0.5.5)
    multipart-post (2.0.0)
    pry (0.10.1)
      coderay (~> 1.1.0)
      method_source (~> 0.8.1)
      slop (~> 3.4)
    redcarpet (3.3.2)
    ruby-mp3info (0.8.7)
    slop (3.6.0)
    soundcloud (0.3.2)
      hashie (~> 2.0)
      httmultiparty (~> 0.3.0)

PLATFORMS
  ruby

DEPENDENCIES
  aws-sdk (~> 2)
  mp3info
  pry
  redcarpet
  soundcloud

BUNDLED WITH
   1.10.2
